GEM
  remote: https://rubygems.org/
  specs:
    minitest (5.25.4)

PLATFORMS
  x86-mingw32

DEPENDENCIES
  minitest

BUNDLED WITH
   2.5.22
